GEM
  remote: https://rubygems.org/
  specs:
    httmultiparty (0.3.8)
      httparty (>= 0.7.3)
      multipart-post
    httparty (0.13.0)
      json (~> 1.8)
      multi_xml (>= 0.5.2)
    json (1.8.2)
    mail (2.6.1)
      mime-types (>= 1.16, < 3)
    mime-types (2.3)
    multi_xml (0.5.5)
    multipart-post (2.0.0)
    phaxio (0.4.0)
      httmultiparty (= 0.3.8)
    pony (1.10)
      mail (>= 2.0)
    rack (1.5.2)
    rack-protection (1.5.2)
      rack
    sinatra (1.4.4)
      rack (~> 1.4)
      rack-protection (~> 1.4)
      tilt (~> 1.3, >= 1.3.4)
    tilt (1.4.1)
    to_regexp (0.2.1)

PLATFORMS
  ruby

DEPENDENCIES
  mail
  phaxio
  pony
  sinatra
  to_regexp

BUNDLED WITH
   1.11.2
